GEM
  remote: https://rubygems.org/
  specs:
    concurrent-ruby (1.1.9)
    hamster (3.0.0)
      concurrent-ruby (~> 1.0)
    jose (1.1.3)
      hamster

PLATFORMS
  ruby

DEPENDENCIES
  jose

BUNDLED WITH
   2.1.4
